GIT
  remote: https://github.com/CocoaPods/CLAide.git
  revision: 4e7b02d849c3e82dff7c1cdacf33df45516acaf3
  branch: master
  specs:
    claide (0.9.1)

GIT
  remote: https://github.com/CocoaPods/CocoaPods.git
  revision: 2c3185a1e701a71392227f1da0affca8dc2b6426
  branch: master
  specs:
    cocoapods (0.39.0.beta.4)
      activesupport (>= 3.2.15)
      claide (~> 0.9.1)
      cocoapods-core (= 0.39.0.beta.4)
      cocoapods-downloader (~> 0.9.3)
      cocoapods-plugins (~> 0.4.2)
      cocoapods-search (~> 0.1.0)
      cocoapods-stats (~> 0.6.1)
      cocoapods-trunk (~> 0.6.4)
      cocoapods-try (~> 0.5.1)
      colored (~> 1.2)
      escape (~> 0.0.4)
      molinillo (~> 0.3.1)
      nap (~> 1.0)
      xcodeproj (~> 0.27.2)

GIT
  remote: https://github.com/CocoaPods/Core.git
  revision: f06004c95f2f90eaaab6baa62b78bfc7bc684dcf
  branch: master
  specs:
    cocoapods-core (0.39.0.beta.4)
      activesupport (>= 4.0.2)
      fuzzy_match (~> 2.0.4)
      nap (~> 1.0)

PATH
  remote: .
  specs:
    cocoapods-docs (0.2.0)

GEM
  remote: http://rubygems.org/
  specs:
    activesupport (4.2.11.3)
      i18n (~> 0.7)
      minitest (~> 5.1)
      thread_safe (~> 0.3, >= 0.3.4)
      tzinfo (~> 1.1)
    addressable (2.3.8)
    ast (2.4.1)
    awesome_print (1.6.1)
    bacon (1.2.0)
    cocoapods-downloader (0.9.3)
    cocoapods-plugins (0.4.2)
      nap
    cocoapods-search (0.1.0)
    cocoapods-stats (0.6.1)
    cocoapods-trunk (0.6.4)
      nap (>= 0.8, < 2.0)
      netrc (= 0.7.8)
    cocoapods-try (0.5.1)
    codeclimate-test-reporter (0.4.8)
      simplecov (>= 0.7.1, < 1.0.0)
    coderay (1.1.0)
    colored (1.2)
    concurrent-ruby (1.1.6)
    crack (0.4.2)
      safe_yaml (~> 1.0.0)
    docile (1.3.2)
    escape (0.0.4)
    ffi (1.12.2)
    fuzzy_match (2.0.4)
    i18n (0.9.5)
      concurrent-ruby (~> 1.0)
    json (2.3.1)
    kicker (3.0.0)
      listen (~> 1.3.0)
      notify (~> 0.5.2)
    listen (1.3.1)
      rb-fsevent (>= 0.9.3)
      rb-inotify (>= 0.9)
      rb-kqueue (>= 0.2)
    metaclass (0.0.4)
    method_source (0.8.2)
    minitest (5.12.0)
    mocha (1.1.0)
      metaclass (~> 0.0.1)
    mocha-on-bacon (0.2.2)
      mocha (>= 0.13.0)
    molinillo (0.3.1)
    nap (1.0.0)
    netrc (0.7.8)
    notify (0.5.2)
    parallel (1.13.0)
    parser (2.7.1.4)
      ast (~> 2.4.1)
    powerpack (0.1.2)
    prettybacon (0.0.2)
      bacon (~> 1.2)
    pry (0.10.1)
      coderay (~> 1.1.0)
      method_source (~> 0.8.1)
      slop (~> 3.4)
    rainbow (2.2.2)
      rake
    rake (10.4.2)
    rb-fsevent (0.9.6)
    rb-inotify (0.9.5)
      ffi (>= 0.5.0)
    rb-kqueue (0.2.4)
      ffi (>= 0.5.0)
    rubocop (0.50.0)
      parallel (~> 1.10)
      parser (>= 2.3.3.1, < 3.0)
      powerpack (~> 0.1)
      rainbow (>= 2.2.2, < 3.0)
      ruby-progressbar (~> 1.7)
      unicode-display_width (~> 1.0, >= 1.0.1)
    ruby-progressbar (1.10.1)
    safe_yaml (1.0.4)
    simplecov (0.17.1)
      docile (~> 1.1)
      json (>= 1.8, < 3)
      simplecov-html (~> 0.10.0)
    simplecov-html (0.10.2)
    slop (3.6.0)
    thread_safe (0.3.6)
    tzinfo (1.2.7)
      thread_safe (~> 0.1)
    unicode-display_width (1.7.0)
    vcr (2.9.3)
    webmock (1.21.0)
      addressable (>= 2.3.6)
      crack (>= 0.3.2)
    xcodeproj (0.27.2)
      activesupport (>= 3)
      claide (~> 0.9.1)
      colored (~> 1.2)

PLATFORMS
  ruby

DEPENDENCIES
  awesome_print
  bacon
  bundler (~> 1.3)
  claide!
  cocoapods!
  cocoapods-core!
  cocoapods-docs!
  codeclimate-test-reporter
  kicker
  mocha
  mocha-on-bacon
  prettybacon
  pry
  rake
  rb-fsevent
  rubocop
  vcr
  webmock

BUNDLED WITH
   1.17.2
